GIT
  remote: https://github.com/zdavatz/spreadsheet.git
  revision: adc4dcdbad7e2e3023977db30c8eb9b1936aaecc
  specs:
    spreadsheet (1.0.1)
      ruby-ole

GIT
  remote: https://github.com/zishan/leankitkanban.git
  revision: 7054f9897e6eae89358566e3bf6e7575bdf92297
  specs:
    leankitkanban (0.1.5)
      httparty (~> 0.12.0)
      json (~> 1.8.1)

GEM
  remote: https://rubygems.org/
  specs:
    coderay (1.1.0)
    columnize (0.9.0)
    debugger (1.6.8)
      columnize (>= 0.3.1)
      debugger-linecache (~> 1.2.0)
      debugger-ruby_core_source (~> 1.3.5)
    debugger-linecache (1.2.0)
    debugger-ruby_core_source (1.3.5)
    httparty (0.12.0)
      json (~> 1.8)
      multi_xml (>= 0.5.2)
    json (1.8.2)
    method_source (0.8.2)
    mini_portile (0.6.1)
    multi_xml (0.5.5)
    nokogiri (1.6.5)
      mini_portile (~> 0.6.0)
    pry (0.9.12.6)
      coderay (~> 1.0)
      method_source (~> 0.8)
      slop (~> 3.4)
    pry-debugger (0.2.2)
      debugger (~> 1.3)
      pry (~> 0.9.10)
    ruby-ole (1.2.11.8)
    slop (3.6.0)

PLATFORMS
  ruby

DEPENDENCIES
  leankitkanban!
  nokogiri
  pry-debugger
  spreadsheet!
